GIT
  remote: https://github.com/ruby/fiddle
  revision: 9bbc732aef266cfb538c679430e5aebacf60205c
  specs:
    fiddle (1.1.2)

GEM
  remote: https://rubygems.org/
  specs:
    RedCloth (4.3.2)
    bcrypt (3.1.18)
    charlock_holmes (0.7.7)
    curses (1.4.4)
    daemons (1.4.1)
    escape_utils (1.3.0)
    eventmachine (1.2.7)
    fast-stemmer (1.0.2)
    ffi (1.15.5)
    hitimes (2.0.0)
    json (2.6.3)
    kgio (2.11.4)
    mysql2 (0.5.5)
    nio4r (2.5.9)
    nokogiri (1.15.2-arm64-darwin)
      racc (~> 1.4)
    pg (1.5.3)
    posix-spawn (0.3.15)
    puma (6.3.0)
      nio4r (~> 2.0)
    racc (1.6.2)
    rack (2.2.7)
    raindrops (0.20.1)
    redcarpet (3.6.0)
    rexml (3.2.5)
    rugged (1.6.3)
    sqlite3 (1.6.3-arm64-darwin)
    thin (1.8.2)
      daemons (~> 1.0, >= 1.0.9)
      eventmachine (~> 1.0, >= 1.0.4)
      rack (>= 1, < 3)
    unf_ext (0.0.8.2)
    unicorn (6.1.0)
      kgio (~> 2.6)
      raindrops (~> 0.7)
    yajl-ruby (1.4.3)

PLATFORMS
  arm64-darwin-22

DEPENDENCIES
  RedCloth
  bcrypt
  charlock_holmes
  curses
  escape_utils
  fast-stemmer
  ffi
  fiddle!
  hitimes
  json
  kgio
  mysql2
  nokogiri
  pg
  posix-spawn
  puma
  raindrops
  redcarpet
  rexml
  rugged
  sqlite3
  thin
  unf_ext
  unicorn
  yajl-ruby

BUNDLED WITH
   2.4.10
