GEM
  remote: https://rubygems.org
  specs:
    blockenspiel (0.4.5)
    daemons (1.2.3)
    eventmachine (1.0.8)
    json (1.8.3)
    mini_portile (0.6.2)
    mysql2 (0.4.1)
    nokogiri (1.6.6.2)
      mini_portile (~> 0.6.0)
    pg (0.18.3)
    rack (1.6.4)
    redcarpet (3.3.3)
    sqlite3 (1.3.11)
    thin (1.6.4)
      daemons (~> 1.0, >= 1.0.9)
      eventmachine (~> 1.0, >= 1.0.4)
      rack (~> 1.0)

PLATFORMS
  ruby

DEPENDENCIES
  blockenspiel
  eventmachine
  json
  mysql2
  nokogiri
  pg
  redcarpet
  sqlite3
  thin

BUNDLED WITH
   1.10.6
