GEM
  remote: https://rubygems.org/
  specs:
    RedCloth (4.3.2)
    bcrypt (3.1.16)
    charlock_holmes (0.7.7)
    curses (1.4.0)
    daemons (1.3.1)
    escape_utils (1.2.1)
    eventmachine (1.2.7)
    fast-stemmer (1.0.2)
    ffi (1.14.2)
    hitimes (2.0.0)
    json (2.5.1)
    kgio (2.11.3)
    mini_portile2 (2.4.0)
    mysql2 (0.5.3)
    nio4r (2.5.4)
    nokogiri (1.10.10)
      mini_portile2 (~> 2.4.0)
    nokogumbo (1.5.0)
      nokogiri
    pg (1.2.3)
    posix-spawn (0.3.15)
    puma (5.1.1)
      nio4r (~> 2.0)
    rack (2.2.3)
    raindrops (0.19.1)
    redcarpet (3.5.1)
    rugged (1.1.0)
    sqlite3 (1.4.2)
    thin (1.8.0)
      daemons (~> 1.0, >= 1.0.9)
      eventmachine (~> 1.0, >= 1.0.4)
      rack (>= 1, < 3)
    unf_ext (0.0.7.7)
    unicorn (5.8.0)
      kgio (~> 2.6)
      raindrops (~> 0.7)
    yajl-ruby (1.4.3)

PLATFORMS
  ruby

DEPENDENCIES
  RedCloth
  bcrypt
  charlock_holmes
  curses
  escape_utils
  fast-stemmer
  ffi
  hitimes
  json
  kgio
  mysql2
  nokogiri
  nokogumbo (~> 1.5.0)
  pg
  posix-spawn
  puma
  raindrops
  redcarpet
  rugged
  sqlite3
  thin
  unf_ext
  unicorn
  yajl-ruby

BUNDLED WITH
   1.17.3
